GEM
  remote: http://rubygems.org/
  specs:
    RedCloth (4.2.8)
    configuration (1.2.0)
    haml (3.1.3)
    heroku (1.20.1)
      launchy (~> 0.3.2)
      rest-client (>= 1.4.0, < 1.7.0)
    launchy (0.3.7)
      configuration (>= 0.0.5)
      rake (>= 0.8.1)
    maruku (0.6.0)
      syntax (>= 1.0.0)
    mime-types (1.16)
    nesta (0.9.11)
      RedCloth (~> 4.2)
      haml (~> 3.1)
      rdiscount (~> 1.6)
      sass (~> 3.1)
      shotgun (>= 0.8)
      sinatra (= 1.2.6)
    rack (1.3.3)
    rack-force_domain (0.2.0)
    rake (0.8.7)
    rdiscount (1.6.8)
    rest-client (1.6.1)
      mime-types (>= 1.16)
    sass (3.1.10)
    shotgun (0.9)
      rack (>= 1.0)
    sinatra (1.2.6)
      rack (~> 1.1)
      tilt (>= 1.2.2, < 2.0)
    syntax (1.0.0)
    tilt (1.3.3)

PLATFORMS
  ruby

DEPENDENCIES
  heroku (= 1.20.1)
  maruku (= 0.6.0)
  nesta (= 0.9.11)
  rack (= 1.3.3)
  rack-force_domain (= 0.2.0)
